PATH
  remote: .
  specs:
    buoy_data (1.0.0.beta.3)
      httparty
      json
      nokogiri

GEM
  remote: http://rubygems.org/
  specs:
    crack (0.1.8)
    diff-lcs (1.1.2)
    git (1.2.5)
    httparty (0.7.7)
      crack (= 0.1.8)
    jeweler (1.6.0)
      bundler (~> 1.0.0)
      git (>= 1.2.5)
      rake
    json (1.5.1)
    nokogiri (1.4.4)
    rake (0.9.0)
    rspec (2.6.0)
      rspec-core (~> 2.6.0)
      rspec-expectations (~> 2.6.0)
      rspec-mocks (~> 2.6.0)
    rspec-core (2.6.3)
    rspec-expectations (2.6.0)
      diff-lcs (~> 1.1.2)
    rspec-mocks (2.6.0)

PLATFORMS
  ruby

DEPENDENCIES
  buoy_data!
  jeweler
  rspec
